GEM
  remote: http://rubygems.org/
  remote: http://sulair-rails-dev.stanford.edu/
  specs:
    abstract (1.0.0)
    actionpack (3.0.10)
      activemodel (= 3.0.10)
      activesupport (= 3.0.10)
      builder (~> 2.1.2)
      erubis (~> 2.6.6)
      i18n (~> 0.5.0)
      rack (~> 1.2.1)
      rack-mount (~> 0.6.14)
      rack-test (~> 0.5.7)
      tzinfo (~> 0.3.23)
    active-fedora (3.0.0)
      activeresource (~> 3.0.0)
      activesupport (~> 3.0.0)
      equivalent-xml
      facets
      mediashelf-loggable
      mime-types (>= 1.16)
      multipart-post (= 1.1.2)
      nokogiri
      om (>= 1.0)
      solr-ruby (>= 0.0.6)
      solrizer (> 1.0.0)
      xml-simple (>= 1.0.12)
    activemodel (3.0.10)
      activesupport (= 3.0.10)
      builder (~> 2.1.2)
      i18n (~> 0.5.0)
    activeresource (3.0.10)
      activemodel (= 3.0.10)
      activesupport (= 3.0.10)
    activesupport (3.0.10)
    bagit (0.2.0)
      validatable (~> 1.6)
    builder (2.1.2)
    columnize (0.3.4)
    daemons (1.1.4)
    dor-services (1.6.4)
      active-fedora (>= 1.2.6)
      json
      lyber-utils
      mod-cons (>= 0.2.0)
      nokogiri (>= 1.4.3.1)
      om (>= 1.2.0)
      rest-client
      ruby-cache
      solr-ruby (>= 0.0.8)
      systemu
      uuidtools
      validatable
    equivalent-xml (0.2.7)
      nokogiri (>= 1.4.3)
    erubis (2.6.6)
      abstract (>= 1.0.0)
    facets (2.9.2)
    i18n (0.5.0)
    json (1.5.4)
    linecache (0.46)
      rbx-require-relative (> 0.0.4)
    lyber-core (1.3.0)
      actionpack
      active-fedora (>= 1.2.6)
      bagit (>= 0.1.0)
      daemons
      dor-services (>= 0.3.0)
      nokogiri (= 1.4.3.1)
      solr-ruby (>= 0.0.8)
      solrizer (>= 0.3.1)
      stomp
      systemu (>= 1.2.0)
      validatable
    lyber-utils (0.1.1)
      bagit (>= 0.1.0)
      nokogiri (>= 1.4.3.1)
      systemu (>= 1.2.0)
      validatable
    mediashelf-loggable (0.4.7)
    mime-types (1.16)
    mod-cons (0.2.0)
    multipart-post (1.1.2)
    nokogiri (1.4.3.1)
    om (1.4.0)
      mediashelf-loggable
      nokogiri (>= 1.4.2)
    rack (1.2.3)
    rack-mount (0.6.14)
      rack (>= 1.0.0)
    rack-test (0.5.7)
      rack (>= 1.0)
    rake (0.9.2)
    rbx-require-relative (0.0.5)
    rcov (0.9.10)
    rest-client (1.6.7)
      mime-types (>= 1.16)
    rspec (1.3.2)
    ruby-cache (0.3.0)
    ruby-debug (0.10.4)
      columnize (>= 0.1)
      ruby-debug-base (~> 0.10.4.0)
    ruby-debug-base (0.10.4)
      linecache (>= 0.3)
    solr-ruby (0.0.8)
    solrizer (1.1.0)
      daemons
      mediashelf-loggable
      nokogiri
      om (>= 1.0.0)
      stomp
      xml-simple
    stomp (1.1.9)
    systemu (2.3.0)
    tzinfo (0.3.29)
    uuidtools (2.1.2)
    validatable (1.6.7)
    xml-simple (1.1.0)

PLATFORMS
  ruby

DEPENDENCIES
  daemons
  dor-services (>= 1.6.4)
  lyber-core (>= 1.2)
  rake
  rcov
  rspec (< 2.0)
  ruby-debug
