GIT
  remote: git://github.com/cbeer/gssapi.git
  revision: 59bbd6dd916cf2b96cf6b1984f5db8e7891c8bcd
  specs:
    gssapi (1.1.2)
      ffi (>= 1.0.1)

GEM
  remote: https://rubygems.org/
  remote: http://sul-gems-prod.stanford.edu/
  specs:
    actionmailer (3.2.14)
      actionpack (= 3.2.14)
      mail (~> 2.5.4)
    actionpack (3.2.14)
      activemodel (= 3.2.14)
      activesupport (= 3.2.14)
      builder (~> 3.0.0)
      erubis (~> 2.7.0)
      journey (~> 1.0.4)
      rack (~> 1.4.5)
      rack-cache (~> 1.2)
      rack-test (~> 0.6.1)
      sprockets (~> 2.2.1)
    active-fedora (5.7.1)
      activeresource (>= 3.0.0)
      activesupport (>= 3.0.0)
      builder (~> 3.0.0)
      deprecation
      mediashelf-loggable
      nom-xml (>= 0.5.1)
      om (~> 1.8.0)
      rdf
      rdf-rdfxml (~> 0.3.8)
      rsolr
      rubydora (~> 1.6)
      solrizer (~> 2.1)
    activemodel (3.2.14)
      activesupport (= 3.2.14)
      builder (~> 3.0.0)
    activeresource (3.2.14)
      activemodel (= 3.2.14)
      activesupport (= 3.2.14)
    activesupport (3.2.14)
      i18n (~> 0.6, >= 0.6.4)
      multi_json (~> 1.0)
    addressable (2.3.5)
    assembly-utils (1.3.0)
      activeresource
      activesupport
      csv-mapper
      dor-services (>= 3.25.1)
      dor-workflow-service (>= 1.3.1)
      druid-tools (>= 0.2.6)
      fastercsv
      lyber-core
      nokogiri
    bagit (0.3.2)
      docopt (~> 0.5.0)
      validatable (~> 1.6)
    builder (3.0.4)
    capistrano (2.15.5)
      highline
      net-scp (>= 1.0.0)
      net-sftp (>= 2.0.0)
      net-ssh (>= 2.0.14)
      net-ssh-gateway (>= 1.1.0)
    chronic (0.10.2)
    columnize (0.3.6)
    confstruct (0.2.5)
    csv-mapper (0.5.1)
      fastercsv
    daemons (1.1.9)
    debugger (1.6.2)
      columnize (>= 0.3.1)
      debugger-linecache (~> 1.2.0)
      debugger-ruby_core_source (~> 1.2.3)
    debugger-linecache (1.2.0)
    debugger-ruby_core_source (1.2.3)
    deprecation (0.0.5)
      activesupport
    diff-lcs (1.2.4)
    docopt (0.5.0)
    dor-services (4.3.2)
      active-fedora (~> 5.6, >= 5.6.3)
      activesupport
      confstruct (>= 0.2.2)
      dor-workflow-service (~> 1.3)
      druid-tools (>= 0.2.3)
      equivalent-xml (>= 0.2.2)
      json
      lyber-utils
      moab-versioning (>= 1.2.1)
      net-sftp
      net-ssh
      nokogiri (>= 1.6.0)
      om
      progressbar
      rest-client
      rsolr-ext
      ruby-cache
      ruby-graphviz
      solrizer (~> 2.0)
      stanford-mods (>= 0.0.14)
      systemu
      uuidtools
      validatable
    dor-workflow-service (1.3.3)
      activesupport
      confstruct
      nokogiri
      rest-client
    druid-tools (0.2.6)
    equivalent-xml (0.3.0)
      nokogiri (>= 1.4.3)
    erubis (2.7.0)
    fastercsv (1.5.5)
    ffi (1.9.0)
    grit (2.5.0)
      diff-lcs (~> 1.1)
      mime-types (~> 1.15)
      posix-spawn (~> 0.3.6)
    happymapper (0.4.1)
      libxml-ruby (~> 2.0)
    hashery (2.1.1)
    highline (1.6.19)
    hike (1.2.3)
    holepicker (0.3.1)
      json (>= 1.7.7)
      rainbow (>= 1.1.4)
    hooks (0.3.1)
    i18n (0.6.5)
    iso-639 (0.1.0)
    jhove-service (1.0.3)
      nokogiri (>= 1.4.3.1)
    journey (1.0.4)
    json (1.8.0)
    libxml-ruby (2.7.0)
    linecache (0.46)
      rbx-require-relative (> 0.0.4)
    lyber-core (2.4.0)
      actionpack
      activeresource (>= 3.2.6)
      activesupport (>= 3.2.6)
      bagit (>= 0.1.0)
      daemons
      dor-services (>= 3.9.0)
      nokogiri
      stomp
      systemu (>= 1.2.0)
      validatable
    lyber-utils (0.1.2)
      bagit (>= 0.1.0)
      nokogiri (>= 1.4.3.1)
      systemu (>= 1.2.0)
      validatable
    lyberteam-capistrano-devel (1.3.0)
      actionmailer
      capistrano (>= 2.11.0)
      grit
      holepicker
      rake (>= 0.8.7)
      rest-client
    mail (2.5.4)
      mime-types (~> 1.16)
      treetop (~> 1.4.8)
    mediashelf-loggable (0.4.9)
    mime-types (1.25)
    mini_portile (0.5.1)
    moab-versioning (1.3.0)
      confstruct
      happymapper
      hashery (>= 2.0.0)
      json
      nokogiri
      systemu
    mods (0.0.22)
      iso-639
      nokogiri
      nom-xml
    multi_json (1.8.2)
    net-scp (1.1.2)
      net-ssh (>= 2.6.5)
    net-sftp (2.1.2)
      net-ssh (>= 2.6.5)
    net-ssh (2.7.0)
    net-ssh-gateway (1.2.0)
      net-ssh (>= 2.6.5)
    net-ssh-kerberos (0.2.7)
      net-ssh (>= 2.0)
    net-ssh-krb (0.3.0)
      gssapi (~> 1.1.2)
      net-ssh (>= 2.0)
    nokogiri (1.6.0)
      mini_portile (~> 0.5.0)
    nom-xml (0.5.1)
      activesupport
      i18n
      nokogiri
    om (1.8.0)
      activemodel
      activesupport
      deprecation
      mediashelf-loggable
      nokogiri (>= 1.4.2)
    polyglot (0.3.3)
    pony (1.5.1)
      mail (>= 2.0)
    posix-spawn (0.3.6)
    progressbar (0.21.0)
    rack (1.4.5)
    rack-cache (1.2)
      rack (>= 0.4)
    rack-test (0.6.2)
      rack (>= 1.0)
    rainbow (1.1.4)
    rake (10.1.0)
    rbx-require-relative (0.0.9)
    rcov (1.0.0)
    rdf (1.0.9)
      addressable (>= 2.3)
    rdf-rdfxml (0.3.9)
      rdf (>= 0.3.11)
      rdf-xsd (>= 0.3.8)
    rdf-xsd (1.0.2.1)
      nokogiri (>= 1.5.0)
      rdf (>= 0.3.4)
    rest-client (1.6.7)
      mime-types (>= 1.16)
    rsolr (1.0.9)
      builder (>= 2.1.2)
    rsolr-ext (1.0.3)
      rsolr (>= 1.0.2)
    rspec (2.14.1)
      rspec-core (~> 2.14.0)
      rspec-expectations (~> 2.14.0)
      rspec-mocks (~> 2.14.0)
    rspec-core (2.14.5)
    rspec-expectations (2.14.3)
      diff-lcs (>= 1.1.3, < 2.0)
    rspec-mocks (2.14.3)
    ruby-cache (0.3.0)
    ruby-debug (0.10.4)
      columnize (>= 0.1)
      ruby-debug-base (~> 0.10.4.0)
    ruby-debug-base (0.10.4)
      linecache (>= 0.3)
    ruby-graphviz (1.0.9)
    rubydora (1.6.5)
      activemodel
      activesupport
      deprecation
      equivalent-xml
      fastercsv
      hooks (~> 0.3.0)
      mime-types
      nokogiri
      rest-client
    rvm-capistrano (1.5.1)
      capistrano (~> 2.15.4)
    solrizer (2.2.0)
      activesupport
      daemons
      mediashelf-loggable (~> 0.4.7)
      nokogiri
      om (>= 1.5.0)
      stomp
      xml-simple
    sprockets (2.2.2)
      hike (~> 1.2)
      multi_json (~> 1.0)
      rack (~> 1.0)
      tilt (~> 1.1, != 1.3.0)
    stanford-mods (0.0.21)
      mods
    stomp (1.3.1)
    systemu (2.5.2)
    tilt (1.4.1)
    treetop (1.4.15)
      polyglot
      polyglot (>= 0.3.1)
    uuidtools (2.1.4)
    validatable (1.6.7)
    whenever (0.8.4)
      activesupport (>= 2.3.4)
      chronic (>= 0.6.3)
    xml-simple (1.1.2)
    yard (0.8.7.2)

PLATFORMS
  ruby

DEPENDENCIES
  assembly-utils
  capistrano (< 3.0)
  daemons
  debugger
  dor-services
  gssapi!
  jhove-service (>= 1.0.2)
  lyber-core
  lyberteam-capistrano-devel (>= 0.7.0)
  net-ssh-kerberos
  net-ssh-krb
  pony
  rake
  rcov
  rspec
  ruby-debug
  rvm-capistrano
  whenever
  yard