GEM
  remote: http://rubygems.org/
  remote: http://sulair-rails-dev.stanford.edu/
  specs:
    actionpack (3.2.3)
      activemodel (= 3.2.3)
      activesupport (= 3.2.3)
      builder (~> 3.0.0)
      erubis (~> 2.7.0)
      journey (~> 1.0.1)
      rack (~> 1.4.0)
      rack-cache (~> 1.2)
      rack-test (~> 0.6.1)
      sprockets (~> 2.1.2)
    active-fedora (4.0.0)
      activeresource (>= 3.0.0)
      activesupport (>= 3.0.0)
      equivalent-xml
      mediashelf-loggable
      mime-types (>= 1.16)
      multipart-post (= 1.1.2)
      nokogiri
      om (~> 1.6.0)
      rdf
      rdf-rdfxml (= 0.3.5)
      rsolr
      rubydora (~> 0.5.8)
      solrizer (~> 1.2.0)
      xml-simple (>= 1.0.12)
    activemodel (3.2.3)
      activesupport (= 3.2.3)
      builder (~> 3.0.0)
    activeresource (3.2.3)
      activemodel (= 3.2.3)
      activesupport (= 3.2.3)
    activesupport (3.2.3)
      i18n (~> 0.6)
      multi_json (~> 1.0)
    addressable (2.2.8)
    akami (1.0.0)
      gyoku (>= 0.4.0)
    bagit (0.2.0)
      validatable (~> 1.6)
    builder (3.0.0)
    capistrano (2.12.0)
      highline
      net-scp (>= 1.0.0)
      net-sftp (>= 2.0.0)
      net-ssh (>= 2.0.14)
      net-ssh-gateway (>= 1.1.0)
    chronic (0.6.7)
    columnize (0.3.6)
    confstruct (0.2.2)
    daemons (1.1.8)
    dor-services (3.6.2)
      active-fedora (>= 4.0.0)
      active-fedora (>= 4.0.0.rc20)
      confstruct (>= 0.2.2)
      equivalent-xml (>= 0.2.2)
      json
      lyber-utils
      nokogiri (~> 1.5.0)
      om (>= 1.5.0)
      progressbar
      rest-client
      rsolr-client-cert (>= 0.5.1)
      rsolr-ext
      ruby-cache
      ruby-graphviz
      systemu
      uuidtools
      validatable
    equivalent-xml (0.2.9)
      nokogiri (>= 1.4.3)
    erubis (2.7.0)
    fastercsv (1.5.4)
    gyoku (0.4.4)
      builder (>= 2.1.2)
    highline (1.6.11)
    hike (1.2.1)
    httpi (0.9.7)
      rack
    i18n (0.6.0)
    jhove-service (0.1.2)
      nokogiri (>= 1.4.3.1)
    journey (1.0.3)
    json (1.7.0)
    linecache (0.46)
      rbx-require-relative (> 0.0.4)
    lyber-core (2.1.1)
      actionpack
      bagit (>= 0.1.0)
      daemons
      dor-services (>= 3.4.2)
      nokogiri (~> 1.5.0)
      stomp
      systemu (>= 1.2.0)
      validatable
    lyber-utils (0.1.2)
      bagit (>= 0.1.0)
      nokogiri (>= 1.4.3.1)
      systemu (>= 1.2.0)
      validatable
    lyberteam-devel (0.7.5)
      capistrano (>= 2.11.0)
      net-ssh-kerberos
      rake (>= 0.8.7)
      rest-client
      rvm-capistrano
    mail (2.4.4)
      i18n (>= 0.4.0)
      mime-types (~> 1.16)
      treetop (~> 1.4.8)
    mediashelf-loggable (0.4.9)
    mime-types (1.18)
    multi_json (1.3.4)
    multipart-post (1.1.2)
    net-scp (1.0.4)
      net-ssh (>= 1.99.1)
    net-sftp (2.0.5)
      net-ssh (>= 2.0.9)
    net-ssh (2.3.0)
    net-ssh-gateway (1.1.0)
      net-ssh (>= 1.99.1)
    net-ssh-kerberos (0.2.7)
      net-ssh (>= 2.0)
    nokogiri (1.5.2)
    nori (1.1.0)
    om (1.6.0)
      mediashelf-loggable
      nokogiri (>= 1.4.2)
    polyglot (0.3.3)
    pony (1.4)
      mail (> 2.0)
    progressbar (0.11.0)
    rack (1.4.1)
    rack-cache (1.2)
      rack (>= 0.4)
    rack-test (0.6.1)
      rack (>= 1.0)
    rake (0.9.2.2)
    rbx-require-relative (0.0.9)
    rcov (1.0.0)
    rdf (0.3.5.2)
      addressable (>= 2.2.6)
    rdf-rdfxml (0.3.5)
      nokogiri (>= 1.4.4)
      rdf (>= 0.3.4)
    rest-client (1.6.7)
      mime-types (>= 1.16)
    rsolr (1.0.8)
      builder (>= 2.1.2)
    rsolr-client-cert (0.5.1)
      rest-client
      rsolr
    rsolr-ext (1.0.3)
      rsolr (>= 1.0.2)
    rspec (1.3.2)
    ruby-cache (0.3.0)
    ruby-debug (0.10.4)
      columnize (>= 0.1)
      ruby-debug-base (~> 0.10.4.0)
    ruby-debug-base (0.10.4)
      linecache (>= 0.3)
    ruby-graphviz (1.0.5)
    rubydora (0.5.8)
      activemodel
      activesupport
      fastercsv
      mime-types
      nokogiri
      rest-client
      savon
    rvm-capistrano (1.1.0)
      capistrano (>= 2.0.0)
    savon (0.9.9)
      akami (~> 1.0)
      builder (>= 2.1.2)
      gyoku (>= 0.4.0)
      httpi (~> 0.9)
      nokogiri (>= 1.4.0)
      nori (~> 1.1)
      wasabi (~> 2.1)
    solrizer (1.2.0)
      daemons
      mediashelf-loggable (~> 0.4.7)
      nokogiri
      om (>= 1.5.0)
      stomp
      xml-simple
    sprockets (2.1.3)
      hike (~> 1.2)
      rack (~> 1.0)
      tilt (~> 1.1, != 1.3.0)
    stomp (1.2.2)
    systemu (2.5.0)
    tilt (1.3.3)
    treetop (1.4.10)
      polyglot
      polyglot (>= 0.3.1)
    uuidtools (2.1.2)
    validatable (1.6.7)
    wasabi (2.1.0)
      nokogiri (>= 1.4.0)
    whenever (0.7.3)
      activesupport (>= 2.3.4)
      chronic (~> 0.6.3)
    xml-simple (1.1.1)

PLATFORMS
  ruby

DEPENDENCIES
  daemons
  dor-services (~> 3.6)
  jhove-service
  lyber-core (>= 2.1.0)
  lyberteam-devel (>= 0.7.0)
  pony
  rake
  rcov
  rspec (< 2.0)
  ruby-debug
  whenever
