PATH
  remote: /Users/wmene/dev/afsgit/lyberteam/lyber-core
  specs:
    lyber-core (2.4.0)

GEM
  remote: https://rubygems.org/
  remote: http://sul-gems-prod.stanford.edu/
  specs:
    active-fedora (5.7.1)
      activeresource (>= 3.0.0)
      activesupport (>= 3.0.0)
      builder (~> 3.0.0)
      deprecation
      mediashelf-loggable
      nom-xml (>= 0.5.1)
      om (~> 1.8.0)
      rdf
      rdf-rdfxml (~> 0.3.8)
      rsolr
      rubydora (~> 1.6)
      solrizer (~> 2.1)
    activemodel (3.2.17)
      activesupport (= 3.2.17)
      builder (~> 3.0.0)
    activeresource (3.2.17)
      activemodel (= 3.2.17)
      activesupport (= 3.2.17)
    activesupport (3.2.17)
      i18n (~> 0.6, >= 0.6.4)
      multi_json (~> 1.0)
    addressable (2.3.5)
    assembly-utils (1.3.0)
      activeresource
      activesupport
      csv-mapper
      dor-services (>= 3.25.1)
      dor-workflow-service (>= 1.3.1)
      druid-tools (>= 0.2.6)
      fastercsv
      lyber-core
      nokogiri
    bagit (0.3.2)
      docopt (~> 0.5.0)
      validatable (~> 1.6)
    builder (3.0.4)
    capistrano (3.1.0)
      i18n
      rake (>= 10.0.0)
      sshkit (~> 1.3)
    capistrano-bundler (1.1.2)
      capistrano (~> 3.0)
      sshkit (~> 1.2)
    capistrano-holepicker (0.0.1)
      capistrano (~> 3.0)
      holepicker
    capistrano-one_time_key (0.0.1)
      capistrano (~> 3.0)
    capistrano-releaseboard (0.0.1)
      faraday
    chronic (0.10.2)
    coderay (1.1.0)
    columnize (0.3.6)
    confstruct (0.2.7)
    csv-mapper (0.5.1)
      fastercsv
    daemons (1.1.9)
    debugger (1.6.6)
      columnize (>= 0.3.1)
      debugger-linecache (~> 1.2.0)
      debugger-ruby_core_source (~> 1.3.2)
    debugger-linecache (1.2.0)
    debugger-ruby_core_source (1.3.2)
    deprecation (0.1.0)
      activesupport
    diff-lcs (1.2.5)
    docile (1.1.3)
    docopt (0.5.0)
    dor-services (4.6.4)
      active-fedora (~> 5.7.1)
      activesupport (~> 3.2.16)
      confstruct (~> 0.2.2)
      dor-workflow-service (~> 1.5)
      druid-tools (~> 0.3.0)
      equivalent-xml (~> 0.2.2)
      json (~> 1.8.1)
      lyber-utils (~> 0.1.2)
      moab-versioning (= 1.3.1)
      net-sftp (~> 2.1.2)
      net-ssh (~> 2.7.0)
      nokogiri (= 1.6.0)
      om (~> 1.8.0)
      progressbar (~> 0.21.0)
      rdf (~> 1.0.9.0)
      rest-client (~> 1.6.7)
      rsolr-ext (~> 1.0.3)
      ruby-cache (~> 0.3.0)
      ruby-graphviz (~> 1.0.9)
      rubydora (~> 1.6.5)
      solrizer (~> 2.0)
      stanford-mods (~> 0.0.14)
      systemu (~> 2.6.0)
      uuidtools (~> 2.1.4)
      validatable (~> 1.6.7)
    dor-workflow-service (1.5.0)
      activesupport
      confstruct
      nokogiri
      rest-client
    druid-tools (0.3.0)
    equivalent-xml (0.2.9)
      nokogiri (>= 1.4.3)
    faraday (0.9.0)
      multipart-post (>= 1.2, < 3)
    fastercsv (1.5.5)
    ffi (1.9.3)
    gssapi (1.1.2)
      ffi (>= 1.0.1)
    happymapper (0.4.1)
      libxml-ruby (~> 2.0)
    hashery (2.1.1)
    holepicker (0.3.1)
      json (>= 1.7.7)
      rainbow (>= 1.1.4)
    hooks (0.3.6)
      uber (~> 0.0.4)
    i18n (0.6.9)
    iso-639 (0.2.4)
    jhove-service (1.0.3)
      nokogiri (>= 1.4.3.1)
    json (1.8.1)
    libxml-ruby (2.7.0)
    lyber-utils (0.1.2)
      bagit (>= 0.1.0)
      nokogiri (>= 1.4.3.1)
      systemu (>= 1.2.0)
      validatable
    lyberteam-capistrano-devel (3.0.0.pre1)
      capistrano (~> 3.0)
      capistrano-holepicker
      capistrano-one_time_key
      capistrano-releaseboard
    mail (2.2.7)
      activesupport (>= 2.3.6)
      mime-types
      treetop (>= 1.4.5)
    mediashelf-loggable (0.4.9)
    method_source (0.8.2)
    mime-types (2.1)
    mini_portile (0.5.2)
    moab-versioning (1.3.1)
      confstruct
      happymapper
      hashery (>= 2.0.0)
      json
      nokogiri
      systemu
    mods (0.0.23)
      iso-639
      nokogiri
      nom-xml
    mono_logger (1.1.0)
    multi_json (1.9.0)
    multipart-post (2.0.0)
    net-scp (1.1.2)
      net-ssh (>= 2.6.5)
    net-sftp (2.1.2)
      net-ssh (>= 2.6.5)
    net-ssh (2.7.0)
    net-ssh-krb (0.3.0)
      gssapi (~> 1.1.2)
      net-ssh (>= 2.0)
    nokogiri (1.6.0)
      mini_portile (~> 0.5.0)
    nom-xml (0.5.1)
      activesupport
      i18n
      nokogiri
    om (1.8.0)
      activemodel
      activesupport
      deprecation
      mediashelf-loggable
      nokogiri (>= 1.4.2)
    polyglot (0.3.4)
    pony (1.8)
      mail (>= 2.0)
    progressbar (0.21.0)
    pry (0.9.12.6)
      coderay (~> 1.0)
      method_source (~> 0.8)
      slop (~> 3.4)
    pry-debugger (0.2.2)
      debugger (~> 1.3)
      pry (~> 0.9.10)
    rack (1.4.5)
    rack-protection (1.5.2)
      rack
    rainbow (1.99.2)
    rake (10.1.1)
    rdf (1.0.9)
      addressable (>= 2.3)
    rdf-rdfxml (0.3.9)
      rdf (>= 0.3.11)
      rdf-xsd (>= 0.3.8)
    rdf-xsd (1.0.2.1)
      nokogiri (>= 1.5.0)
      rdf (>= 0.3.4)
    redis (3.0.7)
    redis-namespace (1.4.1)
      redis (~> 3.0.4)
    resque (1.25.2)
      mono_logger (~> 1.0)
      multi_json (~> 1.0)
      redis-namespace (~> 1.3)
      sinatra (>= 0.9.2)
      vegas (~> 0.1.2)
    rest-client (1.6.7)
      mime-types (>= 1.16)
    rsolr (1.0.9)
      builder (>= 2.1.2)
    rsolr-ext (1.0.3)
      rsolr (>= 1.0.2)
    rspec (2.14.1)
      rspec-core (~> 2.14.0)
      rspec-expectations (~> 2.14.0)
      rspec-mocks (~> 2.14.0)
    rspec-core (2.14.8)
    rspec-expectations (2.14.5)
      diff-lcs (>= 1.1.3, < 2.0)
    rspec-mocks (2.14.6)
    ruby-cache (0.3.0)
    ruby-graphviz (1.0.9)
    rubydora (1.6.5)
      activemodel
      activesupport
      deprecation
      equivalent-xml
      fastercsv
      hooks (~> 0.3.0)
      mime-types
      nokogiri
      rest-client
    simplecov (0.8.2)
      docile (~> 1.1.0)
      multi_json
      simplecov-html (~> 0.8.0)
    simplecov-html (0.8.0)
    sinatra (1.4.4)
      rack (~> 1.4)
      rack-protection (~> 1.4)
      tilt (~> 1.3, >= 1.3.4)
    slop (3.5.0)
    solrizer (2.2.0)
      activesupport
      daemons
      mediashelf-loggable (~> 0.4.7)
      nokogiri
      om (>= 1.5.0)
      stomp
      xml-simple
    sshkit (1.3.0)
      net-scp (>= 1.1.2)
      net-ssh
      term-ansicolor
    stanford-mods (0.0.24)
      mods
    stomp (1.3.2)
    systemu (2.6.4)
    term-ansicolor (1.3.0)
      tins (~> 1.0)
    tilt (1.4.1)
    tins (1.0.0)
    treetop (1.4.15)
      polyglot
      polyglot (>= 0.3.1)
    uber (0.0.4)
    uuidtools (2.1.4)
    validatable (1.6.7)
    vegas (0.1.11)
      rack (>= 1.0.0)
    whenever (0.9.2)
      activesupport (>= 2.3.4)
      chronic (>= 0.6.3)
    xml-simple (1.1.3)
    yard (0.8.7.3)

PLATFORMS
  ruby

DEPENDENCIES
  assembly-utils
  capistrano (~> 3.0)
  capistrano-bundler (~> 1.1)
  daemons
  debugger
  dor-services (~> 4.6)
  jhove-service (>= 1.0.2)
  lyber-core!
  lyberteam-capistrano-devel (= 3.0.0.pre1)
  net-ssh-krb
  pony
  pry-debugger (= 0.2.2)
  rainbow (< 2.0)
  rake
  resque
  rspec
  simplecov
  whenever
  yard
