GEM
  remote: https://rubygems.org/
  specs:
    active-fedora (6.7.3)
      activesupport (>= 3.0.0)
      deprecation
      mediashelf-loggable
      nom-xml (>= 0.5.1)
      om (~> 3.0.0)
      rdf
      rdf-rdfxml (= 1.0.1)
      rsolr
      rubydora (~> 1.6, >= 1.6.5)
    activemodel (4.2.5)
      activesupport (= 4.2.5)
      builder (~> 3.1)
    activeresource (4.0.0)
      activemodel (~> 4.0)
      activesupport (~> 4.0)
      rails-observers (~> 0.1.1)
    activesupport (4.2.5)
      i18n (~> 0.7)
      json (~> 1.7, >= 1.7.7)
      minitest (~> 5.1)
      thread_safe (~> 0.3, >= 0.3.4)
      tzinfo (~> 1.1)
    addressable (2.3.5)
    assembly-utils (1.4.4)
      activeresource
      activesupport
      addressable (= 2.3.5)
      csv-mapper
      dor-services (>= 4.0.0)
      dor-workflow-service (>= 1.3.1)
      druid-tools (>= 0.2.6)
      fastercsv
      nokogiri
    bagit (0.3.2)
      docopt (~> 0.5.0)
      validatable (~> 1.6)
    blue-daemons (1.1.11)
    bluepill (0.0.68)
      activesupport (>= 3, < 5)
      blue-daemons (~> 1.1.11)
      i18n (~> 0.5)
      state_machine (~> 1.1)
    builder (3.2.2)
    bundler-audit (0.4.0)
      bundler (~> 1.2)
      thor (~> 0.18)
    byebug (8.2.1)
    capistrano (3.4.0)
      i18n
      rake (>= 10.0.0)
      sshkit (~> 1.3)
    capistrano-bundle_audit (0.0.5)
      bundler-audit
      capistrano (~> 3.0)
    capistrano-bundler (1.1.4)
      capistrano (~> 3.1)
      sshkit (~> 1.2)
    capistrano-one_time_key (0.0.1)
      capistrano (~> 3.0)
    capistrano-releaseboard (0.0.1)
      faraday
    chronic (0.10.2)
    coderay (1.1.0)
    confstruct (0.2.7)
    csv-mapper (0.5.1)
      fastercsv
    daemons (1.2.3)
    deprecation (0.2.2)
      activesupport
    diff-lcs (1.2.5)
    docile (1.1.5)
    docopt (0.5.0)
    domain_name (0.5.25)
      unf (>= 0.0.5, < 1.0.0)
    dor-rights-auth (1.0.2)
      nokogiri
    dor-services (5.2.0)
      active-fedora (~> 6.0)
      activesupport (>= 3.2.18)
      addressable (= 2.3.5)
      confstruct (~> 0.2.7)
      dor-rights-auth (~> 1.0, >= 1.0.1)
      dor-workflow-service (~> 1.7, >= 1.7.1)
      druid-tools (~> 0.4, >= 0.4.1)
      equivalent-xml (~> 0.5, >= 0.5.1)
      json (~> 1.8.1)
      lyber-utils (~> 0.1.2)
      moab-versioning (~> 1.4.4)
      net-sftp (~> 2.1.2)
      net-ssh (~> 2.6.5)
      nokogiri (~> 1.6.0)
      om (~> 3.0)
      osullivan (~> 0.0.3)
      progressbar (~> 0.21.0)
      rdf (~> 1.1.7)
      rest-client (~> 1.7)
      retries
      rsolr-ext (~> 1.0.3)
      ruby-cache (~> 0.3.0)
      ruby-graphviz (~> 1.0.9)
      rubydora (~> 1.6.5)
      solrizer (~> 3.0)
      stanford-mods (~> 1.1)
      systemu (~> 2.6.0)
      uuidtools (~> 2.1.4)
    dor-workflow-service (1.8.0)
      activesupport (>= 3.2.1, < 5)
      confstruct (>= 0.2.7, < 2)
      faraday (~> 0.9.2)
      net-http-persistent (~> 2.9.4)
      nokogiri (~> 1.6.0)
      rest-client (~> 1.7)
      retries
    druid-tools (0.4.1)
    equivalent-xml (0.6.0)
      nokogiri (>= 1.4.3)
    faraday (0.9.2)
      multipart-post (>= 1.2, < 3)
    fastercsv (1.5.5)
    ffi (1.9.10)
    gssapi (1.2.0)
      ffi (>= 1.0.1)
    hooks (0.3.6)
      uber (~> 0.0.4)
    http-cookie (1.0.2)
      domain_name (~> 0.5)
    i18n (0.7.0)
    iso-639 (0.2.5)
    jhove-service (1.0.3)
      nokogiri (>= 1.4.3.1)
    json (1.8.3)
    link_header (0.0.8)
    lyber-core (3.3.0)
      dor-workflow-service (~> 1.7)
    lyber-utils (0.1.2)
      bagit (>= 0.1.0)
      nokogiri (>= 1.4.3.1)
      systemu (>= 1.2.0)
      validatable
    lyberteam-capistrano-devel (3.2.0)
      capistrano (~> 3.0)
      capistrano-bundle_audit (>= 0.0.3)
      capistrano-one_time_key
      capistrano-releaseboard
    mail (2.6.3)
      mime-types (>= 1.16, < 3)
    mediashelf-loggable (0.4.10)
    method_source (0.8.2)
    mime-types (2.99)
    mini_portile2 (2.0.0)
    minitest (5.8.3)
    moab-versioning (1.4.4)
      confstruct
      json
      nokogiri
      nokogiri-happymapper
      systemu
    mods (2.0.3)
      iso-639
      nokogiri
      nom-xml (~> 0.5.2)
    mono_logger (1.1.0)
    multi_json (1.11.2)
    multipart-post (2.0.0)
    net-http-persistent (2.9.4)
    net-scp (1.2.1)
      net-ssh (>= 2.6.5)
    net-sftp (2.1.2)
      net-ssh (>= 2.6.5)
    net-ssh (2.6.8)
    net-ssh-krb (0.4.0)
      gssapi (~> 1.2.0)
      net-ssh (>= 2.0)
    netrc (0.11.0)
    nokogiri (1.6.7)
      mini_portile2 (~> 2.0.0.rc2)
    nokogiri-happymapper (0.5.9)
      nokogiri (~> 1.5)
    nom-xml (0.5.4)
      activesupport (>= 3.2.18)
      i18n
      nokogiri
    om (3.0.7)
      activemodel
      activesupport
      deprecation
      mediashelf-loggable
      nokogiri (>= 1.4.2)
      solrizer (~> 3.1.0)
    osullivan (0.0.3)
      activesupport (>= 3.2.18)
      faraday (~> 0.9.0)
      json
    pony (1.11)
      mail (>= 2.0)
    progressbar (0.21.0)
    pry (0.10.3)
      coderay (~> 1.1.0)
      method_source (~> 0.8.1)
      slop (~> 3.4)
    pry-byebug (3.3.0)
      byebug (~> 8.0)
      pry (~> 0.10)
    rack (1.6.4)
    rack-protection (1.5.3)
      rack
    rails-observers (0.1.2)
      activemodel (~> 4.0)
    rake (10.4.2)
    rdf (1.1.17.1)
      link_header (~> 0.0, >= 0.0.8)
    rdf-rdfxml (1.0.1)
      rdf (>= 1.0)
      rdf-xsd (>= 1.0)
    rdf-xsd (1.1.5.1)
      rdf (~> 1.1, >= 1.1.9, < 1.99)
    redis (3.2.2)
    redis-namespace (1.5.2)
      redis (~> 3.0, >= 3.0.4)
    resque (1.25.2)
      mono_logger (~> 1.0)
      multi_json (~> 1.0)
      redis-namespace (~> 1.3)
      sinatra (>= 0.9.2)
      vegas (~> 0.1.2)
    rest-client (1.8.0)
      http-cookie (>= 1.0.2, < 2.0)
      mime-types (>= 1.16, < 3.0)
      netrc (~> 0.7)
    retries (0.0.5)
    robot-controller (2.0.3)
      bluepill (= 0.0.68)
      rake (~> 10.3)
      resque (~> 1.25.2)
      whenever (~> 0.9.2)
    rsolr (1.0.13)
      builder (>= 2.1.2)
    rsolr-ext (1.0.3)
      rsolr (>= 1.0.2)
    rspec (2.99.0)
      rspec-core (~> 2.99.0)
      rspec-expectations (~> 2.99.0)
      rspec-mocks (~> 2.99.0)
    rspec-core (2.99.2)
    rspec-expectations (2.99.2)
      diff-lcs (>= 1.1.3, < 2.0)
    rspec-mocks (2.99.4)
    ruby-cache (0.3.0)
    ruby-graphviz (1.0.9)
    rubydora (1.6.5)
      activemodel
      activesupport
      deprecation
      equivalent-xml
      fastercsv
      hooks (~> 0.3.0)
      mime-types
      nokogiri
      rest-client
    simplecov (0.11.1)
      docile (~> 1.1.0)
      json (~> 1.8)
      simplecov-html (~> 0.10.0)
    simplecov-html (0.10.0)
    sinatra (1.4.6)
      rack (~> 1.4)
      rack-protection (~> 1.4)
      tilt (>= 1.3, < 3)
    slop (3.6.0)
    solrizer (3.1.1)
      activesupport
      daemons
      mediashelf-loggable (~> 0.4.7)
      nokogiri
      stomp
      xml-simple
    sshkit (1.3.0)
      net-scp (>= 1.1.2)
      net-ssh
      term-ansicolor
    stanford-mods (1.3.3)
      mods (~> 2.0.2)
    state_machine (1.2.0)
    stomp (1.3.4)
    systemu (2.6.5)
    term-ansicolor (1.3.2)
      tins (~> 1.0)
    thor (0.19.1)
    thread_safe (0.3.5)
    tilt (2.0.1)
    tins (1.8.1)
    tzinfo (1.2.2)
      thread_safe (~> 0.1)
    uber (0.0.15)
    unf (0.1.4)
      unf_ext
    unf_ext (0.0.7.1)
    uuidtools (2.1.5)
    validatable (1.6.7)
    vegas (0.1.11)
      rack (>= 1.0.0)
    whenever (0.9.4)
      chronic (>= 0.6.3)
    xml-simple (1.1.5)
    yard (0.8.7.6)

PLATFORMS
  ruby

DEPENDENCIES
  activesupport
  addressable (= 2.3.5)
  assembly-utils
  capistrano (~> 3.0)
  capistrano-bundler (~> 1.1)
  daemons
  dor-services (~> 5.2)
  jhove-service (>= 1.0.2)
  lyber-core (~> 3.2, >= 3.2.3)
  lyberteam-capistrano-devel (~> 3.1)
  net-ssh-krb
  nokogiri
  pony
  pry
  pry-byebug
  rake
  resque
  robot-controller (~> 2.0)
  rspec (~> 2.99)
  simplecov
  slop
  whenever
  yard
