GEM
  remote: https://rubygems.org/
  remote: http://sul-gems-prod.stanford.edu/
  specs:
    actionmailer (3.2.8)
      actionpack (= 3.2.8)
      mail (~> 2.4.4)
    actionpack (3.2.8)
      activemodel (= 3.2.8)
      activesupport (= 3.2.8)
      builder (~> 3.0.0)
      erubis (~> 2.7.0)
      journey (~> 1.0.4)
      rack (~> 1.4.0)
      rack-cache (~> 1.2)
      rack-test (~> 0.6.1)
      sprockets (~> 2.1.3)
    active-fedora (4.5.3)
      activeresource (>= 3.0.0)
      activesupport (>= 3.0.0)
      deprecation
      equivalent-xml
      mediashelf-loggable
      om (~> 1.6.0)
      rdf
      rdf-rdfxml (~> 0.3.8)
      rsolr
      rubydora (~> 0.5.13)
      solrizer (~> 1.2.0)
    activemodel (3.2.8)
      activesupport (= 3.2.8)
      builder (~> 3.0.0)
    activeresource (3.2.8)
      activemodel (= 3.2.8)
      activesupport (= 3.2.8)
    activesupport (3.2.8)
      i18n (~> 0.6)
      multi_json (~> 1.0)
    addressable (2.3.3)
    akami (1.2.0)
      gyoku (>= 0.4.0)
      nokogiri (>= 1.4.0)
    assembly-utils (1.0.12)
      activeresource (>= 3.2.6)
      activesupport (>= 3.2.6)
      csv-mapper
      dor-services (~> 3.13)
      lyber-core
      net-ssh-gateway
      net-ssh-kerberos
    backports (3.3.0)
    bagit (0.2.0)
      validatable (~> 1.6)
    builder (3.0.4)
    capistrano (2.15.3)
      highline
      net-scp (>= 1.0.0)
      net-sftp (>= 2.0.0)
      net-ssh (>= 2.0.14)
      net-ssh-gateway (>= 1.1.0)
    chronic (0.9.1)
    columnize (0.3.6)
    confstruct (0.2.5)
    csv-mapper (0.5.1)
      fastercsv
    daemons (1.1.9)
    debugger (1.2.0)
      columnize (>= 0.3.1)
      debugger-linecache (~> 1.1.1)
      debugger-ruby_core_source (~> 1.1.3)
    debugger-linecache (1.1.2)
      debugger-ruby_core_source (>= 1.1.1)
    debugger-ruby_core_source (1.1.3)
    deprecation (0.0.5)
      activesupport
    diff-lcs (1.1.3)
    dor-services (3.24.3)
      active-fedora (~> 4.5)
      confstruct (>= 0.2.2)
      dor-workflow-service (>= 1.2.1)
      druid-tools (>= 0.2.3)
      equivalent-xml (>= 0.2.2)
      json
      lyber-utils
      moab-versioning (>= 1.2.1)
      net-sftp
      net-ssh
      nokogiri (~> 1.5.6)
      om (>= 1.5.0)
      progressbar
      rest-client
      rsolr-client-cert (>= 0.5.1)
      rsolr-ext
      ruby-cache
      ruby-graphviz
      systemu
      uuidtools
      validatable
    dor-workflow-service (1.2.4)
      activesupport
      confstruct
      nokogiri
      rest-client
    druid-tools (0.2.3)
    equivalent-xml (0.3.0)
      nokogiri (>= 1.4.3)
    erubis (2.7.0)
    fastercsv (1.5.5)
    grit (2.5.0)
      diff-lcs (~> 1.1)
      mime-types (~> 1.15)
      posix-spawn (~> 0.3.6)
    gyoku (1.0.0)
      builder (>= 2.1.2)
    happymapper (0.4.0)
      libxml-ruby (~> 2.0)
    hashery (2.1.0)
    highline (1.6.18)
    hike (1.2.1)
    hooks (0.2.2)
    httpi (2.0.2)
      rack
    i18n (0.6.4)
    jhove-service (1.0.2)
      nokogiri (>= 1.4.3.1)
    journey (1.0.4)
    json (1.7.7)
    libxml-ruby (2.6.0)
    linecache (0.46)
      rbx-require-relative (> 0.0.4)
    lyber-core (2.2.1)
      actionpack
      activeresource (>= 3.2.6)
      activesupport (>= 3.2.6)
      bagit (>= 0.1.0)
      daemons
      dor-services (>= 3.9.0)
      nokogiri (~> 1.5.0)
      stomp
      systemu (>= 1.2.0)
      validatable
    lyber-utils (0.1.2)
      bagit (>= 0.1.0)
      nokogiri (>= 1.4.3.1)
      systemu (>= 1.2.0)
      validatable
    lyberteam-capistrano-devel (1.1.1)
      actionmailer
      capistrano (>= 2.11.0)
      grit
      net-ssh-kerberos
      rake (>= 0.8.7)
      rest-client
    lyberteam-devel (1.0.0)
      lyberteam-capistrano-devel (~> 1.0, >= 1.0.1)
      lyberteam-gems-devel (~> 1.0, >= 1.0.1)
    lyberteam-gems-devel (1.0.1)
      rake (>= 0.8.7)
      rest-client
    mail (2.4.4)
      i18n (>= 0.4.0)
      mime-types (~> 1.16)
      treetop (~> 1.4.8)
    mediashelf-loggable (0.4.9)
    mime-types (1.22)
    moab-versioning (1.2.4)
      confstruct
      happymapper
      hashery (>= 2.0.0)
      json
      nokogiri
      systemu
    multi_json (1.7.2)
    net-scp (1.1.0)
      net-ssh (>= 2.6.5)
    net-sftp (2.1.1)
      net-ssh (>= 2.6.5)
    net-ssh (2.6.7)
    net-ssh-gateway (1.2.0)
      net-ssh (>= 2.6.5)
    net-ssh-kerberos (0.2.7)
      net-ssh (>= 2.0)
    nokogiri (1.5.9)
    nori (2.0.4)
    om (1.6.1)
      mediashelf-loggable
      nokogiri (>= 1.4.2)
    polyglot (0.3.3)
    pony (1.4)
      mail (> 2.0)
    posix-spawn (0.3.6)
    progressbar (0.20.0)
    rack (1.4.5)
    rack-cache (1.2)
      rack (>= 0.4)
    rack-test (0.6.2)
      rack (>= 1.0)
    rake (0.9.2.2)
    rbx-require-relative (0.0.9)
    rcov (1.0.0)
    rdf (1.0.4)
      addressable (>= 2.2)
    rdf-rdfxml (0.3.9)
      rdf (>= 0.3.11)
      rdf-xsd (>= 0.3.8)
    rdf-xsd (1.0.0)
      backports
      nokogiri (>= 1.5.0)
      rdf (>= 0.3.4)
    rest-client (1.6.7)
      mime-types (>= 1.16)
    rsolr (1.0.9)
      builder (>= 2.1.2)
    rsolr-client-cert (0.5.2)
      rest-client
      rsolr
    rsolr-ext (1.0.3)
      rsolr (>= 1.0.2)
    rspec (2.13.0)
      rspec-core (~> 2.13.0)
      rspec-expectations (~> 2.13.0)
      rspec-mocks (~> 2.13.0)
    rspec-core (2.13.1)
    rspec-expectations (2.13.0)
      diff-lcs (>= 1.1.3, < 2.0)
    rspec-mocks (2.13.0)
    ruby-cache (0.3.0)
    ruby-debug (0.10.4)
      columnize (>= 0.1)
      ruby-debug-base (~> 0.10.4.0)
    ruby-debug-base (0.10.4)
      linecache (>= 0.3)
    ruby-graphviz (1.0.8)
    rubydora (0.5.13)
      activemodel
      activesupport
      deprecation
      fastercsv
      hooks
      mime-types
      nokogiri
      rest-client
      savon
    savon (2.1.0)
      akami (~> 1.2.0)
      builder (>= 2.1.2)
      gyoku (~> 1.0.0)
      httpi (~> 2.0.2)
      nokogiri (>= 1.4.0)
      nori (~> 2.0.3)
      wasabi (~> 3.0.0)
    solrizer (1.2.2)
      daemons
      mediashelf-loggable (~> 0.4.7)
      nokogiri
      om (>= 1.5.0)
      stomp
      xml-simple
    sprockets (2.1.3)
      hike (~> 1.2)
      rack (~> 1.0)
      tilt (~> 1.1, != 1.3.0)
    stomp (1.2.9)
    systemu (2.5.2)
    tilt (1.3.3)
    treetop (1.4.10)
      polyglot
      polyglot (>= 0.3.1)
    uuidtools (2.1.3)
    validatable (1.6.7)
    wasabi (3.0.0)
      httpi (~> 2.0)
      nokogiri (>= 1.4.0)
    whenever (0.8.2)
      activesupport (>= 2.3.4)
      chronic (>= 0.6.3)
    xml-simple (1.1.2)
    yard (0.8.6.1)

PLATFORMS
  ruby

DEPENDENCIES
  assembly-utils
  daemons
  debugger
  dor-services (~> 3.24)
  jhove-service (>= 1.0.2)
  lyber-core
  lyberteam-devel (>= 0.7.0)
  pony
  rake
  rcov
  rspec
  ruby-debug
  whenever
  yard
